GEM
  remote: https://rubygems.org/
  specs:
    chunky_png (1.3.0)
    fssm (0.2.10)
    sass (3.2.18)

PLATFORMS
  ruby

DEPENDENCIES
  chunky_png (~> 1.2)
  fssm (>= 0.2.7)
  sass (~> 3.2.17)
